GEM
  remote: https://rubygems.org/
  specs:
    addressable (2.8.1)
      public_suffix (>= 2.0.2, < 6.0)
    bitters (0.10.1)
      bourbon (>= 3.2)
      sass (>= 3.2)
      thor
    bourbon (4.0.2)
      sass (~> 3.3)
      thor
    colorator (1.1.0)
    dotenv (1.0.2)
    ffi (1.11.3)
    foreman (0.76.0)
      dotenv (~> 1.0.2)
      thor (~> 0.19.1)
    forwardable-extended (2.6.0)
    jekyll (3.6.3)
      addressable (~> 2.4)
      colorator (~> 1.0)
      jekyll-sass-converter (~> 1.0)
      jekyll-watch (~> 1.1)
      kramdown (~> 1.14)
      liquid (~> 4.0)
      mercenary (~> 0.3.3)
      pathutil (~> 0.9)
      rouge (>= 1.7, < 3)
      safe_yaml (~> 1.0)
    jekyll-cdn (0.0.1)
    jekyll-redirects (0.0.1)
    jekyll-sass-converter (1.5.2)
      sass (~> 3.4)
    jekyll-tagging (0.6.0)
      ruby-nuggets
    jekyll-watch (1.5.1)
      listen (~> 3.0)
    kramdown (1.17.0)
    liquid (4.0.3)
    listen (3.2.1)
      rb-fsevent (~> 0.10, >= 0.10.3)
      rb-inotify (~> 0.9, >= 0.9.10)
    mercenary (0.3.6)
    neat (1.7.0)
      bourbon (>= 4.0)
      sass (>= 3.3)
    nuggets (1.0.0)
    pathutil (0.16.2)
      forwardable-extended (~> 2.6)
    public_suffix (5.0.0)
    rb-fsevent (0.10.3)
    rb-inotify (0.10.1)
      ffi (~> 1.0)
    redcarpet (3.5.0)
    rouge (1.7.4)
    ruby-nuggets (1.0.0)
      nuggets (= 1.0.0)
    safe_yaml (1.0.5)
    sass (3.7.4)
      sass-listen (~> 4.0.0)
    sass-listen (4.0.0)
      rb-fsevent (~> 0.9, >= 0.9.4)
      rb-inotify (~> 0.9, >= 0.9.7)
    thor (0.19.1)

PLATFORMS
  ruby

DEPENDENCIES
  bitters
  bourbon
  foreman
  jekyll (~> 3.6)
  jekyll-cdn
  jekyll-redirects
  jekyll-tagging
  kramdown
  neat
  redcarpet
  rouge
  sass

BUNDLED WITH
   1.17.3
