GEM
  remote: https://rubygems.org/
  specs:
    addressable (2.7.0)
      public_suffix (>= 2.0.2, < 5.0)
    bitters (0.10.1)
      bourbon (>= 3.2)
      sass (>= 3.2)
      thor
    blankslate (2.1.2.4)
    bourbon (4.0.2)
      sass (~> 3.3)
      thor
    classifier-reborn (2.2.0)
      fast-stemmer (~> 1.0)
    coffee-script (2.4.1)
      coffee-script-source
      execjs
    coffee-script-source (1.12.2)
    colorator (0.1)
    dotenv (1.0.2)
    execjs (2.7.0)
    faraday (1.0.0)
      multipart-post (>= 1.2, < 3)
    fast-stemmer (1.0.2)
    ffi (1.11.3)
    foreman (0.76.0)
      dotenv (~> 1.0.2)
      thor (~> 0.19.1)
    jekyll (2.5.3)
      classifier-reborn (~> 2.0)
      colorator (~> 0.1)
      jekyll-coffeescript (~> 1.0)
      jekyll-gist (~> 1.0)
      jekyll-paginate (~> 1.0)
      jekyll-sass-converter (~> 1.0)
      jekyll-watch (~> 1.1)
      kramdown (~> 1.3)
      liquid (~> 2.6.1)
      mercenary (~> 0.3.3)
      pygments.rb (~> 0.6.0)
      redcarpet (~> 3.1)
      safe_yaml (~> 1.0)
      toml (~> 0.1.0)
    jekyll-cdn (0.0.1)
    jekyll-coffeescript (1.2.2)
      coffee-script (~> 2.2)
      coffee-script-source (~> 1.12)
    jekyll-gist (1.5.0)
      octokit (~> 4.2)
    jekyll-paginate (1.1.0)
    jekyll-redirects (0.0.1)
    jekyll-sass-converter (1.5.2)
      sass (~> 3.4)
    jekyll-tagging (0.6.0)
      ruby-nuggets
    jekyll-watch (1.5.1)
      listen (~> 3.0)
    kramdown (1.17.0)
    liquid (2.6.3)
    listen (3.2.1)
      rb-fsevent (~> 0.10, >= 0.10.3)
      rb-inotify (~> 0.9, >= 0.9.10)
    mercenary (0.3.6)
    multipart-post (2.1.1)
    neat (1.7.0)
      bourbon (>= 4.0)
      sass (>= 3.3)
    nuggets (1.0.0)
    octokit (4.15.0)
      faraday (>= 0.9)
      sawyer (~> 0.8.0, >= 0.5.3)
    parslet (1.5.0)
      blankslate (~> 2.0)
    posix-spawn (0.3.13)
    public_suffix (4.0.3)
    pygments.rb (0.6.3)
      posix-spawn (~> 0.3.6)
      yajl-ruby (~> 1.2.0)
    rb-fsevent (0.10.3)
    rb-inotify (0.10.1)
      ffi (~> 1.0)
    redcarpet (3.5.0)
    rouge (1.7.4)
    ruby-nuggets (1.0.0)
      nuggets (= 1.0.0)
    safe_yaml (1.0.5)
    sass (3.7.4)
      sass-listen (~> 4.0.0)
    sass-listen (4.0.0)
      rb-fsevent (~> 0.9, >= 0.9.4)
      rb-inotify (~> 0.9, >= 0.9.7)
    sawyer (0.8.2)
      addressable (>= 2.3.5)
      faraday (> 0.8, < 2.0)
    thor (0.19.1)
    toml (0.1.2)
      parslet (~> 1.5.0)
    yajl-ruby (1.2.3)

PLATFORMS
  ruby

DEPENDENCIES
  bitters
  bourbon
  foreman
  jekyll (~> 2.5)
  jekyll-cdn
  jekyll-redirects
  jekyll-tagging
  kramdown
  neat
  rouge
  sass

BUNDLED WITH
   1.17.2
